GEM
  remote: https://rubygems.org/
  specs:
    actioncable (8.0.2)
      actionpack (= 8.0.2)
      activesupport (= 8.0.2)
      nio4r (~> 2.0)
      websocket-driver (>= 0.6.1)
      zeitwerk (~> 2.6)
    actionmailbox (8.0.2)
      actionpack (= 8.0.2)
      activejob (= 8.0.2)
      activerecord (= 8.0.2)
      activestorage (= 8.0.2)
      activesupport (= 8.0.2)
      mail (>= 2.8.0)
    actionmailer (8.0.2)
      actionpack (= 8.0.2)
      actionview (= 8.0.2)
      activejob (= 8.0.2)
      activesupport (= 8.0.2)
      mail (>= 2.8.0)
      rails-dom-testing (~> 2.2)
    actionpack (8.0.2)
      actionview (= 8.0.2)
      activesupport (= 8.0.2)
      nokogiri (>= 1.8.5)
      rack (>= 2.2.4)
      rack-session (>= 1.0.1)
      rack-test (>= 0.6.3)
      rails-dom-testing (~> 2.2)
      rails-html-sanitizer (~> 1.6)
      useragent (~> 0.16)
    actiontext (8.0.2)
      actionpack (= 8.0.2)
      activerecord (= 8.0.2)
      activestorage (= 8.0.2)
      activesupport (= 8.0.2)
      globalid (>= 0.6.0)
      nokogiri (>= 1.8.5)
    actionview (8.0.2)
      activesupport (= 8.0.2)
      builder (~> 3.1)
      erubi (~> 1.11)
      rails-dom-testing (~> 2.2)
      rails-html-sanitizer (~> 1.6)
    activejob (8.0.2)
      activesupport (= 8.0.2)
      globalid (>= 0.3.6)
    activemodel (8.0.2)
      activesupport (= 8.0.2)
    activerecord (8.0.2)
      activemodel (= 8.0.2)
      activesupport (= 8.0.2)
      timeout (>= 0.4.0)
    activestorage (8.0.2)
      actionpack (= 8.0.2)
      activejob (= 8.0.2)
      activerecord (= 8.0.2)
      activesupport (= 8.0.2)
      marcel (~> 1.0)
    activesupport (8.0.2)
      base64
      benchmark (>= 0.3)
      bigdecimal
      concurrent-ruby (~> 1.0, >= 1.3.1)
      connection_pool (>= 2.2.5)
      drb
      i18n (>= 1.6, < 2)
      logger (>= 1.4.2)
      minitest (>= 5.1)
      securerandom (>= 0.3)
      tzinfo (~> 2.0, >= 2.0.5)
      uri (>= 0.13.1)
    addressable (2.8.7)
      public_suffix (>= 2.0.2, < 7.0)
    ast (2.4.3)
    base64 (0.2.0)
    bcrypt_pbkdf (1.1.1)
    benchmark (0.4.0)
    bigdecimal (3.1.9)
    bindex (0.8.1)
    bootsnap (1.18.4)
      msgpack (~> 1.2)
    brakeman (7.0.2)
      racc
    builder (3.3.0)
    capybara (3.40.0)
      addressable
      matrix
      mini_mime (>= 0.1.3)
      nokogiri (~> 1.11)
      rack (>= 1.6.0)
      rack-test (>= 0.6.3)
      regexp_parser (>= 1.5, < 3.0)
      xpath (~> 3.2)
    concurrent-ruby (1.3.5)
    connection_pool (2.5.3)
    crass (1.0.6)
    date (3.4.1)
    debug (1.10.0)
      irb (~> 1.10)
      reline (>= 0.3.8)
    dotenv (3.1.8)
    drb (2.2.1)
    dry-cli (1.2.0)
    ed25519 (1.4.0)
    erubi (1.13.1)
    et-orbi (1.2.11)
      tzinfo
    fugit (1.11.1)
      et-orbi (~> 1, >= 1.2.11)
      raabro (~> 1.4)
    globalid (1.2.1)
      activesupport (>= 6.1)
    i18n (1.14.7)
      concurrent-ruby (~> 1.0)
    i18n-js (3.9.2)
      i18n (>= 0.6.6)
    io-console (0.8.0)
    irb (1.15.2)
      pp (>= 0.6.0)
      rdoc (>= 4.0.0)
      reline (>= 0.4.2)
    json (2.11.3)
    kamal (2.6.0)
      activesupport (>= 7.0)
      base64 (~> 0.2)
      bcrypt_pbkdf (~> 1.0)
      concurrent-ruby (~> 1.2)
      dotenv (~> 3.1)
      ed25519 (~> 1.4)
      net-ssh (~> 7.3)
      sshkit (>= 1.23.0, < 2.0)
      thor (~> 1.3)
      zeitwerk (>= 2.6.18, < 3.0)
    language_server-protocol (3.17.0.4)
    lint_roller (1.1.0)
    logger (1.7.0)
    loofah (2.24.0)
      crass (~> 1.0.2)
      nokogiri (>= 1.12.0)
    mail (2.8.1)
      mini_mime (>= 0.1.1)
      net-imap
      net-pop
      net-smtp
    marcel (1.0.4)
    matrix (0.4.2)
    memo_wise (1.11.0)
    mini_mime (1.1.5)
    minitest (5.25.5)
    msgpack (1.8.0)
    mutex_m (0.3.0)
    net-imap (0.5.8)
      date
      net-protocol
    net-pop (0.1.2)
      net-protocol
    net-protocol (0.2.2)
      timeout
    net-scp (4.1.0)
      net-ssh (>= 2.6.5, < 8.0.0)
    net-sftp (4.0.0)
      net-ssh (>= 5.0.0, < 8.0.0)
    net-smtp (0.5.1)
      net-protocol
    net-ssh (7.3.0)
    nio4r (2.7.4)
    nokogiri (1.18.8-aarch64-linux-gnu)
      racc (~> 1.4)
    nokogiri (1.18.8-aarch64-linux-musl)
      racc (~> 1.4)
    nokogiri (1.18.8-arm-linux-gnu)
      racc (~> 1.4)
    nokogiri (1.18.8-arm-linux-musl)
      racc (~> 1.4)
    nokogiri (1.18.8-arm64-darwin)
      racc (~> 1.4)
    nokogiri (1.18.8-x86_64-linux-gnu)
      racc (~> 1.4)
    nokogiri (1.18.8-x86_64-linux-musl)
      racc (~> 1.4)
    ostruct (0.6.1)
    parallel (1.27.0)
    parser (3.3.8.0)
      ast (~> 2.4.1)
      racc
    pp (0.6.2)
      prettyprint
    prettyprint (0.2.0)
    prism (1.4.0)
    psych (5.2.4)
      date
      stringio
    public_suffix (6.0.2)
    puma (6.6.0)
      nio4r (~> 2.0)
    raabro (1.4.0)
    racc (1.8.1)
    rack (3.1.14)
    rack-proxy (0.7.7)
      rack
    rack-session (2.1.1)
      base64 (>= 0.1.0)
      rack (>= 3.0.0)
    rack-test (2.2.0)
      rack (>= 1.3)
    rackup (2.2.1)
      rack (>= 3)
    rails (8.0.2)
      actioncable (= 8.0.2)
      actionmailbox (= 8.0.2)
      actionmailer (= 8.0.2)
      actionpack (= 8.0.2)
      actiontext (= 8.0.2)
      actionview (= 8.0.2)
      activejob (= 8.0.2)
      activemodel (= 8.0.2)
      activerecord (= 8.0.2)
      activestorage (= 8.0.2)
      activesupport (= 8.0.2)
      bundler (>= 1.15.0)
      railties (= 8.0.2)
    rails-dom-testing (2.2.0)
      activesupport (>= 5.0.0)
      minitest
      nokogiri (>= 1.6)
    rails-html-sanitizer (1.6.2)
      loofah (~> 2.21)
      nokogiri (>= 1.15.7, != 1.16.7, != 1.16.6, != 1.16.5, != 1.16.4, != 1.16.3, != 1.16.2, != 1.16.1, != 1.16.0.rc1, != 1.16.0)
    railties (8.0.2)
      actionpack (= 8.0.2)
      activesupport (= 8.0.2)
      irb (~> 1.13)
      rackup (>= 1.0.0)
      rake (>= 12.2)
      thor (~> 1.0, >= 1.2.2)
      zeitwerk (~> 2.6)
    rainbow (3.1.1)
    rake (13.2.1)
    rdoc (6.13.1)
      psych (>= 4.0.0)
    regexp_parser (2.10.0)
    reline (0.6.1)
      io-console (~> 0.5)
    rexml (3.4.1)
    rubocop (1.75.5)
      json (~> 2.3)
      language_server-protocol (~> 3.17.0.2)
      lint_roller (~> 1.1.0)
      parallel (~> 1.10)
      parser (>= 3.3.0.2)
      rainbow (>= 2.2.2, < 4.0)
      regexp_parser (>= 2.9.3, < 3.0)
      rubocop-ast (>= 1.44.0, < 2.0)
      ruby-progressbar (~> 1.7)
      unicode-display_width (>= 2.4.0, < 4.0)
    rubocop-ast (1.44.1)
      parser (>= 3.3.7.2)
      prism (~> 1.4)
    rubocop-performance (1.25.0)
      lint_roller (~> 1.1)
      rubocop (>= 1.75.0, < 2.0)
      rubocop-ast (>= 1.38.0, < 2.0)
    rubocop-rails (2.31.0)
      activesupport (>= 4.2.0)
      lint_roller (~> 1.1)
      rack (>= 1.1)
      rubocop (>= 1.75.0, < 2.0)
      rubocop-ast (>= 1.38.0, < 2.0)
    rubocop-rails-omakase (1.1.0)
      rubocop (>= 1.72)
      rubocop-performance (>= 1.24)
      rubocop-rails (>= 2.30)
    ruby-progressbar (1.13.0)
    rubyzip (2.4.1)
    securerandom (0.4.1)
    selenium-webdriver (4.32.0)
      base64 (~> 0.2)
      logger (~> 1.4)
      rexml (~> 3.2, >= 3.2.5)
      rubyzip (>= 1.2.2, < 3.0)
      websocket (~> 1.0)
    solid_cache (1.0.7)
      activejob (>= 7.2)
      activerecord (>= 7.2)
      railties (>= 7.2)
    solid_queue (1.1.5)
      activejob (>= 7.1)
      activerecord (>= 7.1)
      concurrent-ruby (>= 1.3.1)
      fugit (~> 1.11.0)
      railties (>= 7.1)
      thor (~> 1.3.1)
    sqlite3 (2.6.0-aarch64-linux-gnu)
    sqlite3 (2.6.0-aarch64-linux-musl)
    sqlite3 (2.6.0-arm-linux-gnu)
    sqlite3 (2.6.0-arm-linux-musl)
    sqlite3 (2.6.0-arm64-darwin)
    sqlite3 (2.6.0-x86_64-linux-gnu)
    sqlite3 (2.6.0-x86_64-linux-musl)
    sshkit (1.24.0)
      base64
      logger
      net-scp (>= 1.1.2)
      net-sftp (>= 2.1.2)
      net-ssh (>= 2.8.0)
      ostruct
    stringio (3.1.7)
    thor (1.3.2)
    thruster (0.1.13)
    thruster (0.1.13-aarch64-linux)
    thruster (0.1.13-arm64-darwin)
    thruster (0.1.13-x86_64-linux)
    timeout (0.4.3)
    tzinfo (2.0.6)
      concurrent-ruby (~> 1.0)
    unicode-display_width (3.1.4)
      unicode-emoji (~> 4.0, >= 4.0.4)
    unicode-emoji (4.0.4)
    uri (1.0.3)
    useragent (0.16.11)
    vite_plugin_legacy (3.0.2)
      vite_ruby (~> 3.0, >= 3.0.4)
    vite_rails (3.0.19)
      railties (>= 5.1, < 9)
      vite_ruby (~> 3.0, >= 3.2.2)
    vite_ruby (3.9.2)
      dry-cli (>= 0.7, < 2)
      logger (~> 1.6)
      mutex_m
      rack-proxy (~> 0.6, >= 0.6.1)
      zeitwerk (~> 2.2)
    web-console (4.2.1)
      actionview (>= 6.0.0)
      activemodel (>= 6.0.0)
      bindex (>= 0.4.0)
      railties (>= 6.0.0)
    websocket (1.2.11)
    websocket-driver (0.7.7)
      base64
      websocket-extensions (>= 0.1.0)
    websocket-extensions (0.1.5)
    xpath (3.2.0)
      nokogiri (~> 1.8)
    zeitwerk (2.7.2)

PLATFORMS
  aarch64-linux
  aarch64-linux-gnu
  aarch64-linux-musl
  arm-linux-gnu
  arm-linux-musl
  arm64-darwin-22
  x86_64-linux
  x86_64-linux-gnu
  x86_64-linux-musl

DEPENDENCIES
  bootsnap
  brakeman
  capybara
  debug
  i18n-js (~> 3.9.2)
  kamal
  memo_wise (>= 1.11.0)
  puma (>= 5.0)
  rails (~> 8.0.2)
  rubocop-rails-omakase
  selenium-webdriver
  solid_cache
  solid_queue
  sqlite3 (>= 2.1)
  thruster
  tzinfo-data
  vite_plugin_legacy (>= 3.0.2)
  vite_rails (>= 3.0.19)
  web-console

CHECKSUMS
  actioncable (8.0.2) sha256=7bcce2df62e91a80143592600e16583c273e98aab50ae40a9f6a2604bb3289a0
  actionmailbox (8.0.2) sha256=3d8fb3453913e6257da4d02004bbfa2b997dfd10672f8d990e95013983e2cedb
  actionmailer (8.0.2) sha256=b0c968b38576ec56a3dc2795931818e0aaae6a18cc9801f53f175c12d4b277d0
  actionpack (8.0.2) sha256=93e703064f3815295ccf820f57acbca719aec836749597da9262781c9b2f4b78
  actiontext (8.0.2) sha256=a40db32032ee2fbb479d5d69318c4284344c1cda73836fd73ffcdb917d203abf
  actionview (8.0.2) sha256=e038e1405cdfc18f04f17243da4fb8eeda3a4992f63a6d70a7281d255cf7cebb
  activejob (8.0.2) sha256=b0228b45e36b1ef3a081c684e81494147e094a6baf729018756ccf125b1853ca
  activemodel (8.0.2) sha256=0ae1fb7fa1fae0699ba041a9e97702df42ea3b13f2d39f2d0fde51fca5f0656c
  activerecord (8.0.2) sha256=793470b92c44e4198d0262ac60086b7822f0ea585079ad67e32a6e4c86f2d90a
  activestorage (8.0.2) sha256=f83d221e0f06ae38f2200e55490bd155c76d0add330f6e300e8646048d672977
  activesupport (8.0.2) sha256=8565cddba31b900cdc17682fd66ecd020441e3eef320a9930285394e8c07a45e
  addressable (2.8.7) sha256=462986537cf3735ab5f3c0f557f14155d778f4b43ea4f485a9deb9c8f7c58232
  ast (2.4.3) sha256=954615157c1d6a382bc27d690d973195e79db7f55e9765ac7c481c60bdb4d383
  base64 (0.2.0) sha256=0f25e9b21a02a0cc0cea8ef92b2041035d39350946e8789c562b2d1a3da01507
  bcrypt_pbkdf (1.1.1) sha256=2f9077dde837d1f0dd2eb0f9e5327c6871c68ebc8eba88870fb6b7956e1e2b13
  benchmark (0.4.0) sha256=0f12f8c495545e3710c3e4f0480f63f06b4c842cc94cec7f33a956f5180e874a
  bigdecimal (3.1.9) sha256=2ffc742031521ad69c2dfc815a98e426a230a3d22aeac1995826a75dabfad8cc
  bindex (0.8.1) sha256=7b1ecc9dc539ed8bccfc8cb4d2732046227b09d6f37582ff12e50a5047ceb17e
  bootsnap (1.18.4) sha256=ac4c42af397f7ee15521820198daeff545e4c360d2772c601fbdc2c07d92af55
  brakeman (7.0.2) sha256=b602d91bcec6c5ce4d4bc9e081e01f621c304b7a69f227d1e58784135f333786
  builder (3.3.0) sha256=497918d2f9dca528fdca4b88d84e4ef4387256d984b8154e9d5d3fe5a9c8835f
  capybara (3.40.0) sha256=42dba720578ea1ca65fd7a41d163dd368502c191804558f6e0f71b391054aeef
  concurrent-ruby (1.3.5) sha256=813b3e37aca6df2a21a3b9f1d497f8cbab24a2b94cab325bffe65ee0f6cbebc6
  connection_pool (2.5.3) sha256=cfd74a82b9b094d1ce30c4f1a346da23ee19dc8a062a16a85f58eab1ced4305b
  crass (1.0.6) sha256=dc516022a56e7b3b156099abc81b6d2b08ea1ed12676ac7a5657617f012bd45d
  date (3.4.1) sha256=bf268e14ef7158009bfeaec40b5fa3c7271906e88b196d958a89d4b408abe64f
  debug (1.10.0) sha256=11e28ca74875979e612444104f3972bd5ffb9e79179907d7ad46dba44bd2e7a4
  dotenv (3.1.8) sha256=9e1176060ced581f8e6ce4384e91361817763a76e3c625c8bddc18b35bd392c3
  drb (2.2.1) sha256=e9d472bf785f558b96b25358bae115646da0dbfd45107ad858b0bc0d935cb340
  dry-cli (1.2.0) sha256=8c97df3b290ee6354ee2025a5f0a67226b381627de32741d06f35ea0887cd95b
  ed25519 (1.4.0) sha256=16e97f5198689a154247169f3453ef4cfd3f7a47481fde0ae33206cdfdcac506
  erubi (1.13.1) sha256=a082103b0885dbc5ecf1172fede897f9ebdb745a4b97a5e8dc63953db1ee4ad9
  et-orbi (1.2.11) sha256=d26e868cc21db88280a9ec1a50aa3da5d267eb9b2037ba7b831d6c2731f5df64
  fugit (1.11.1) sha256=e89485e7be22226d8e9c6da411664d0660284b4b1c08cacb540f505907869868
  globalid (1.2.1) sha256=70bf76711871f843dbba72beb8613229a49429d1866828476f9c9d6ccc327ce9
  i18n (1.14.7) sha256=ceba573f8138ff2c0915427f1fc5bdf4aa3ab8ae88c8ce255eb3ecf0a11a5d0f
  i18n-js (3.9.2) sha256=34c20bf3183afea475a372382ad6258be073dca5354a4bdab19b01adea3b798e
  io-console (0.8.0) sha256=cd6a9facbc69871d69b2cb8b926fc6ea7ef06f06e505e81a64f14a470fddefa2
  irb (1.15.2) sha256=222f32952e278da34b58ffe45e8634bf4afc2dc7aa9da23fed67e581aa50fdba
  json (2.11.3) sha256=9a10f658a2de67c0eb837eb795dd48132ce797c403e52b5ebef87dcdc7f9ccc1
  kamal (2.6.0) sha256=abbca8598bae9aa4fc0547f86018b949e8f2426a6852fc00e6895eae5b4970e9
  language_server-protocol (3.17.0.4) sha256=c484626478664fd13482d8180947c50a8590484b1258b99b7aedb3b69df89669
  lint_roller (1.1.0) sha256=2c0c845b632a7d172cb849cc90c1bce937a28c5c8ccccb50dfd46a485003cc87
  logger (1.7.0) sha256=196edec7cc44b66cfb40f9755ce11b392f21f7967696af15d274dde7edff0203
  loofah (2.24.0) sha256=61e6a710883abb8210887f3dc868cf3ed66594c509d9ff6987621efa6651ee1e
  mail (2.8.1) sha256=ec3b9fadcf2b3755c78785cb17bc9a0ca9ee9857108a64b6f5cfc9c0b5bfc9ad
  marcel (1.0.4) sha256=0d5649feb64b8f19f3d3468b96c680bae9746335d02194270287868a661516a4
  matrix (0.4.2) sha256=71083ccbd67a14a43bfa78d3e4dc0f4b503b9cc18e5b4b1d686dc0f9ef7c4cc0
  memo_wise (1.11.0) sha256=06ef23a1edb6b8ee4f37d950bba04836b437b4d1036e45d24c2fd2f25b5490c3
  mini_mime (1.1.5) sha256=8681b7e2e4215f2a159f9400b5816d85e9d8c6c6b491e96a12797e798f8bccef
  minitest (5.25.5) sha256=391b6c6cb43a4802bfb7c93af1ebe2ac66a210293f4a3fb7db36f2fc7dc2c756
  msgpack (1.8.0) sha256=e64ce0212000d016809f5048b48eb3a65ffb169db22238fb4b72472fecb2d732
  mutex_m (0.3.0) sha256=cfcb04ac16b69c4813777022fdceda24e9f798e48092a2b817eb4c0a782b0751
  net-imap (0.5.8) sha256=52aa5fdfc1a8a3df1f793b20a327e95b5a9dfe1d733e1f0d53075d2dbcfcf593
  net-pop (0.1.2) sha256=848b4e982013c15b2f0382792268763b748cce91c9e91e36b0f27ed26420dff3
  net-protocol (0.2.2) sha256=aa73e0cba6a125369de9837b8d8ef82a61849360eba0521900e2c3713aa162a8
  net-scp (4.1.0) sha256=a99b0b92a1e5d360b0de4ffbf2dc0c91531502d3d4f56c28b0139a7c093d1a5d
  net-sftp (4.0.0) sha256=65bb91c859c2f93b09826757af11b69af931a3a9155050f50d1b06d384526364
  net-smtp (0.5.1) sha256=ed96a0af63c524fceb4b29b0d352195c30d82dd916a42f03c62a3a70e5b70736
  net-ssh (7.3.0) sha256=172076c4b30ce56fb25a03961b0c4da14e1246426401b0f89cba1a3b54bf3ef0
  nio4r (2.7.4) sha256=d95dee68e0bb251b8ff90ac3423a511e3b784124e5db7ff5f4813a220ae73ca9
  nokogiri (1.18.8-aarch64-linux-gnu) sha256=36badd2eb281fca6214a5188e24a34399b15d89730639a068d12931e2adc210e
  nokogiri (1.18.8-aarch64-linux-musl) sha256=664e0f9a77a7122a66d6c03abba7641ca610769a4728db55ee1706a0838b78a2
  nokogiri (1.18.8-arm-linux-gnu) sha256=17de01ca3adf9f8e187883ed73c672344d3dbb3c260f88ffa1008e8dc255a28e
  nokogiri (1.18.8-arm-linux-musl) sha256=6e6d7e71fc39572bd613a82d528cf54392c3de1ba5ce974f05c832b8187a040b
  nokogiri (1.18.8-arm64-darwin) sha256=483b5b9fb33653f6f05cbe00d09ea315f268f0e707cfc809aa39b62993008212
  nokogiri (1.18.8-x86_64-linux-gnu) sha256=4a747875db873d18a2985ee2c320a6070c4a414ad629da625fbc58d1a20e5ecc
  nokogiri (1.18.8-x86_64-linux-musl) sha256=ddd735fba49475a395b9ea793bb6474e3a3125b89960339604d08a5397de1165
  ostruct (0.6.1) sha256=09a3fb7ecc1fa4039f25418cc05ae9c82bd520472c5c6a6f515f03e4988cb817
  parallel (1.27.0) sha256=4ac151e1806b755fb4e2dc2332cbf0e54f2e24ba821ff2d3dcf86bf6dc4ae130
  parser (3.3.8.0) sha256=2476364142b307fa5a1b1ece44f260728be23858a9c71078e956131a75453c45
  pp (0.6.2) sha256=947ec3120c6f92195f8ee8aa25a7b2c5297bb106d83b41baa02983686577b6ff
  prettyprint (0.2.0) sha256=2bc9e15581a94742064a3cc8b0fb9d45aae3d03a1baa6ef80922627a0766f193
  prism (1.4.0) sha256=dc0e3e00e93160213dc2a65519d9002a4a1e7b962db57d444cf1a71565bb703e
  psych (5.2.4) sha256=f2d9810f7f383a6b0fbc705202851e1a55b236bcb8e168ab5dfa5741842ec7c5
  public_suffix (6.0.2) sha256=bfa7cd5108066f8c9602e0d6d4114999a5df5839a63149d3e8b0f9c1d3558394
  puma (6.6.0) sha256=f25c06873eb3d5de5f0a4ebc783acc81a4ccfe580c760cfe323497798018ad87
  raabro (1.4.0) sha256=d4fa9ff5172391edb92b242eed8be802d1934b1464061ae5e70d80962c5da882
  racc (1.8.1) sha256=4a7f6929691dbec8b5209a0b373bc2614882b55fc5d2e447a21aaa691303d62f
  rack (3.1.14) sha256=84613c2a8df193bb6711d9c14ecc6d5a65a7cb4312379a65e793562608944b44
  rack-proxy (0.7.7) sha256=446a4b57001022145d5c3ba73b775f66a2260eaf7420c6907483141900395c8a
  rack-session (2.1.1) sha256=0b6dc07dea7e4b583f58a48e8b806d4c9f1c6c9214ebc202ec94562cbea2e4e9
  rack-test (2.2.0) sha256=005a36692c306ac0b4a9350355ee080fd09ddef1148a5f8b2ac636c720f5c463
  rackup (2.2.1) sha256=f737191fd5c5b348b7f0a4412a3b86383f88c43e13b8217b63d4c8d90b9e798d
  rails (8.0.2) sha256=fdfaa5a83ec0388e02864e88d515959caedc88053b5f701c4deb1652d8f164c6
  rails-dom-testing (2.2.0) sha256=e515712e48df1f687a1d7c380fd7b07b8558faa26464474da64183a7426fa93b
  rails-html-sanitizer (1.6.2) sha256=35fce2ca8242da8775c83b6ba9c1bcaad6751d9eb73c1abaa8403475ab89a560
  railties (8.0.2) sha256=0d7c3f40c49ba74980f1bac1d4bb153a9331c5ee8a9631d89c7bf79db82e5cf9
  rainbow (3.1.1) sha256=039491aa3a89f42efa1d6dec2fc4e62ede96eb6acd95e52f1ad581182b79bc6a
  rake (13.2.1) sha256=46cb38dae65d7d74b6020a4ac9d48afed8eb8149c040eccf0523bec91907059d
  rdoc (6.13.1) sha256=62a0dac99493c94e8eb7a3fb44e55aefcb4cecb119f7991f25bddc5ed8d472f7
  regexp_parser (2.10.0) sha256=cb6f0ddde88772cd64bff1dbbf68df66d376043fe2e66a9ef77fcb1b0c548c61
  reline (0.6.1) sha256=1afcc9d7cb1029cdbe780d72f2f09251ce46d3780050f3ec39c3ccc6b60675fb
  rexml (3.4.1) sha256=c74527a9a0a04b4ec31dbe0dc4ed6004b960af943d8db42e539edde3a871abca
  rubocop (1.75.5) sha256=6ada7c8635023d81dace453da1e3a573455a277d49c3cba30813f32b423be97d
  rubocop-ast (1.44.1) sha256=e3cc04203b2ef04f6d6cf5f85fe6d643f442b18cc3b23e3ada0ce5b6521b8e92
  rubocop-performance (1.25.0) sha256=6f7d03568a770054117a78d0a8e191cefeffb703b382871ca7743831b1a52ec1
  rubocop-rails (2.31.0) sha256=79476e1075299c3e60fc50549c7c32614f9ebaae719b899ed75785c6786c52bd
  rubocop-rails-omakase (1.1.0) sha256=2af73ac8ee5852de2919abbd2618af9c15c19b512c4cfc1f9a5d3b6ef009109d
  ruby-progressbar (1.13.0) sha256=80fc9c47a9b640d6834e0dc7b3c94c9df37f08cb072b7761e4a71e22cff29b33
  rubyzip (2.4.1) sha256=8577c88edc1fde8935eb91064c5cb1aef9ad5494b940cf19c775ee833e075615
  securerandom (0.4.1) sha256=cc5193d414a4341b6e225f0cb4446aceca8e50d5e1888743fac16987638ea0b1
  selenium-webdriver (4.32.0) sha256=20dbdf27b586beeac9e2791a22312b414d0a30192b6ce144779f7dfde8ae8afe
  solid_cache (1.0.7) sha256=58e690ccee057be7351f21b1940d5f9cf6bb132074316e70478e554a79e6a490
  solid_queue (1.1.5) sha256=bae0c9d76310f4953ebc57466f2e8c78703a0fbf4b89d25756c23c88f9b6df9b
  sqlite3 (2.6.0-aarch64-linux-gnu) sha256=febc29bd7037695779d6b482fac7f7add9af7b420a1c5120ccff79213415975e
  sqlite3 (2.6.0-aarch64-linux-musl) sha256=d235cf89ba96067462562bc71adf5309363a9fee09a1864667f45799f26825ca
  sqlite3 (2.6.0-arm-linux-gnu) sha256=5f7e1160ad6bf6bfc0d42d1a7de95554b00a5dc7375953070d9633fedadc93bd
  sqlite3 (2.6.0-arm-linux-musl) sha256=a1a884d4eab3e7899badaa01f6894bb18b6ffda07fbdc4bc27c676b704f33630
  sqlite3 (2.6.0-arm64-darwin) sha256=88a793bf0010339e85657e460ab3ad2c7e9ee5d0e468b9dea383ff1039380056
  sqlite3 (2.6.0-x86_64-linux-gnu) sha256=415a950be612b865152dd4529b16fdce2c8962ff9fa3f6b95adbfa7b8f54f2d0
  sqlite3 (2.6.0-x86_64-linux-musl) sha256=6f7c9346430c4aacc9280dee6bd4d23a6f1f31013d4f9c0a720fb14ef6a801c2
  sshkit (1.24.0) sha256=9597c1f984778ae9742f2dc839778d57a6a2efb868107046575c52ac7c628e6c
  stringio (3.1.7) sha256=5b78b7cb242a315fb4fca61a8255d62ec438f58da2b90be66048546ade4507fa
  thor (1.3.2) sha256=eef0293b9e24158ccad7ab383ae83534b7ad4ed99c09f96f1a6b036550abbeda
  thruster (0.1.13) sha256=f889335a7c93b497ecf3a21beeb2cc698bdb181b1ce5cca5f0140f0e9fdcbb5b
  thruster (0.1.13-aarch64-linux) sha256=32baea3e82733e36851ff8ae2435698b7c9c3d822495214976e9974916d0c0f5
  thruster (0.1.13-arm64-darwin) sha256=680a3167c891a78f6fc49797b62b585638c8b32b4c9c309b962bb53b7876b4e1
  thruster (0.1.13-x86_64-linux) sha256=396f682379c5327b915523eac9a04550c04f97c95e27b53bae00e0c36cb2f1c5
  timeout (0.4.3) sha256=9509f079b2b55fe4236d79633bd75e34c1c1e7e3fb4b56cb5fda61f80a0fe30e
  tzinfo (2.0.6) sha256=8daf828cc77bcf7d63b0e3bdb6caa47e2272dcfaf4fbfe46f8c3a9df087a829b
  unicode-display_width (3.1.4) sha256=8caf2af1c0f2f07ec89ef9e18c7d88c2790e217c482bfc78aaa65eadd5415ac1
  unicode-emoji (4.0.4) sha256=2c2c4ef7f353e5809497126285a50b23056cc6e61b64433764a35eff6c36532a
  uri (1.0.3) sha256=e9f2244608eea2f7bc357d954c65c910ce0399ca5e18a7a29207ac22d8767011
  useragent (0.16.11) sha256=700e6413ad4bb954bb63547fa098dddf7b0ebe75b40cc6f93b8d54255b173844
  vite_plugin_legacy (3.0.2) sha256=34f27c77304b54793b27f8a2108ed3eaaebdc89e095f0272de6d4a93bcdc53e5
  vite_rails (3.0.19) sha256=195c44677bc05c1f94e7a69f1264e49d4bad2729ab06538ee858c2962f5bb500
  vite_ruby (3.9.2) sha256=e10a7c851b590cccab57904bc96c2eb078ed6e22560a778db1dcefa3818a4972
  web-console (4.2.1) sha256=e7bcf37a10ea2b4ec4281649d1cee461b32232d0a447e82c786e6841fd22fe20
  websocket (1.2.11) sha256=b7e7a74e2410b5e85c25858b26b3322f29161e300935f70a0e0d3c35e0462737
  websocket-driver (0.7.7) sha256=056d99f2cd545712cfb1291650fde7478e4f2661dc1db6a0fa3b966231a146b4
  websocket-extensions (0.1.5) sha256=1c6ba63092cda343eb53fc657110c71c754c56484aad42578495227d717a8241
  xpath (3.2.0) sha256=6dfda79d91bb3b949b947ecc5919f042ef2f399b904013eb3ef6d20dd3a4082e
  zeitwerk (2.7.2) sha256=842e067cb11eb923d747249badfb5fcdc9652d6f20a1f06453317920fdcd4673

BUNDLED WITH
   2.6.8
